GEM
  remote: http://rubygems.org/
  specs:
    activesupport (5.2.2)
      concurrent-ruby (~> 1.0, >= 1.0.2)
      i18n (>= 0.7, < 2)
      minitest (~> 5.1)
      tzinfo (~> 1.1)
    axiom-types (0.1.1)
      descendants_tracker (~> 0.0.4)
      ice_nine (~> 0.11.0)
      thread_safe (~> 0.3, >= 0.3.1)
    builder (3.2.3)
    coercible (1.0.0)
      descendants_tracker (~> 0.0.1)
    concurrent-ruby (1.1.4)
    descendants_tracker (0.0.4)
      thread_safe (~> 0.3, >= 0.3.1)
    domain_name (0.5.20180417)
      unf (>= 0.0.5, < 1.0.0)
    equalizer (0.0.11)
    grape (1.2.2)
      activesupport
      builder
      mustermann-grape (~> 1.0.0)
      rack (>= 1.3.0)
      rack-accept
      virtus (>= 1.0.0)
    http-cookie (1.0.3)
      domain_name (~> 0.5)
    i18n (1.5.1)
      concurrent-ruby (~> 1.0)
    ice_nine (0.11.2)
    jbundler (0.4.3)
      maven-tools (~> 0.32.1)
      ruby-maven (~> 3.0.4)
    jdbc-postgres (9.4.1212)
    maven-tools (0.32.5)
    mime-types (3.2.2)
      mime-types-data (~> 3.2015)
    mime-types-data (3.2018.0812)
    minitest (5.11.3)
    mondrian-olap (0.8.0)
      nokogiri
    mondrian-rest (1.0.2-java)
      activesupport (~> 5.1, >= 5.1.5)
      grape (~> 1.0, >= 1.0.0)
      mondrian-olap (~> 0.8.0)
      writeexcel (~> 1.0, >= 1.0.5)
    mustermann (1.0.3)
    mustermann-grape (1.0.0)
      mustermann (~> 1.0.0)
    netrc (0.11.0)
    nokogiri (1.10.0-java)
    puma (3.12.0-java)
    rack (2.0.6)
    rack-accept (0.4.5)
      rack (>= 0.4)
    rack-cors (1.0.2)
    rack-protection (2.0.5)
      rack
    rest-client (2.0.2)
      http-cookie (>= 1.0.2, < 2.0)
      mime-types (>= 1.16, < 4.0)
      netrc (~> 0.8)
    ruby-maven (3.0.4.1.4)
      maven-tools (~> 0.32.3)
      thor (>= 0.14.6, < 2.0)
    sequel (5.16.0)
    sinatra (2.0.5)
      mustermann (~> 1.0)
      rack (~> 2.0)
      rack-protection (= 2.0.5)
      tilt (~> 2.0)
    slop (4.6.2)
    thor (0.20.3)
    thread_safe (0.3.6-java)
    tilt (2.0.9)
    tzinfo (1.2.5)
      thread_safe (~> 0.1)
    unf (0.1.4-java)
    virtus (1.0.5)
      axiom-types (~> 0.1)
      coercible (~> 1.0)
      descendants_tracker (~> 0.0, >= 0.0.3)
      equalizer (~> 0.0, >= 0.0.9)
    writeexcel (1.0.5)

PLATFORMS
  java

DEPENDENCIES
  jbundler
  jdbc-postgres (~> 9.4, >= 9.4.1206)
  mondrian-rest (= 1.0.2)
  puma
  rack-cors
  rest-client
  sequel
  sinatra
  slop

BUNDLED WITH
   2.0.1
