GIT
  remote: https://github.com/jazzido/mondrian-rest.git
  revision: e45bfb5f3402e0358c8dfc3c524f3e2077a12572
  branch: public
  specs:
    mondrian-rest (0.5.0-java)
      grape (~> 0.19.0)
      mondrian-olap (~> 0.8.0)
      writeexcel (~> 1.0, >= 1.0.5)

GEM
  remote: http://rubygems.org/
  specs:
    activesupport (5.1.2)
      concurrent-ruby (~> 1.0, >= 1.0.2)
      i18n (~> 0.7)
      minitest (~> 5.1)
      tzinfo (~> 1.1)
    axiom-types (0.1.1)
      descendants_tracker (~> 0.0.4)
      ice_nine (~> 0.11.0)
      thread_safe (~> 0.3, >= 0.3.1)
    builder (3.2.3)
    coercible (1.0.0)
      descendants_tracker (~> 0.0.1)
    concurrent-ruby (1.0.5-java)
    descendants_tracker (0.0.4)
      thread_safe (~> 0.3, >= 0.3.1)
    equalizer (0.0.11)
    grape (0.19.2)
      activesupport
      builder
      hashie (>= 2.1.0)
      multi_json (>= 1.3.2)
      multi_xml (>= 0.5.2)
      mustermann-grape (~> 1.0.0)
      rack (>= 1.3.0)
      rack-accept
      virtus (>= 1.0.0)
    hashie (3.5.6)
    i18n (0.8.6)
    ice_nine (0.11.2)
    jdbc-postgres (9.4.1206)
    minitest (5.10.2)
    mondrian-olap (0.8.0)
      nokogiri
    multi_json (1.12.1)
    multi_xml (0.6.0)
    mustermann (1.0.0)
    mustermann-grape (1.0.0)
      mustermann (~> 1.0.0)
    nokogiri (1.8.0-java)
    puma (3.9.1-java)
    rack (2.0.3)
    rack-accept (0.4.5)
      rack (>= 0.4)
    rack-cors (0.4.1)
    thread_safe (0.3.6-java)
    tzinfo (1.2.3)
      thread_safe (~> 0.1)
    virtus (1.0.5)
      axiom-types (~> 0.1)
      coercible (~> 1.0)
      descendants_tracker (~> 0.0, >= 0.0.3)
      equalizer (~> 0.0, >= 0.0.9)
    writeexcel (1.0.5)

PLATFORMS
  java

DEPENDENCIES
  jdbc-postgres (~> 9.4, >= 9.4.1206)
  mondrian-rest!
  puma
  rack-cors

BUNDLED WITH
   1.15.1
